NUGET
  remote: https://nuget.org/api/v2
  specs:
    FAKE (3.12.2)
    NuGet.CommandLine (2.8.5)
