NUGET
  remote: https://nuget.org/api/v2
  specs:
    FAKE (3.30.2)
    NuGet.CommandLine (2.8.5)
    NUnit.Runners (2.6.4)
